PATH
  remote: .
  specs:
    facebook-cli (1.5.3)
      gli (~> 2.14)
      json (~> 2.0)
      jsonpath (~> 0.5)
      koala (~> 2.2)

GEM
  remote: https://rubygems.org/
  specs:
    addressable (2.5.1)
      public_suffix (~> 2.0, >= 2.0.2)
    faraday (0.12.2)
      multipart-post (>= 1.2, < 3)
    gli (2.16.1)
    json (2.1.0)
    jsonpath (0.8.7)
      multi_json
    koala (2.5.0)
      addressable
      faraday
    multi_json (1.12.1)
    multipart-post (2.0.0)
    public_suffix (2.0.5)

PLATFORMS
  ruby

DEPENDENCIES
  facebook-cli!

BUNDLED WITH
   1.15.3
