PATH
  remote: .
  specs:
    facebook-cli (1.4.9)
      gli (~> 2.14)
      json (~> 2.0)
      koala (~> 2.2)

GEM
  remote: https://rubygems.org/
  specs:
    addressable (2.4.0)
    faraday (0.9.2)
      multipart-post (>= 1.2, < 3)
    gli (2.14.0)
    json (2.0.2)
    koala (2.4.0)
      addressable
      faraday
      multi_json (>= 1.3.0)
    multi_json (1.12.1)
    multipart-post (2.0.0)

PLATFORMS
  ruby

DEPENDENCIES
  facebook-cli!
  gli
  json
  koala (~> 2.2)

BUNDLED WITH
   1.13.1
